GIT
  remote: git://github.com/couchrest/couchrest.git
  revision: dec3a3330d9f6f5a6926c43fff56d4dfa4268f2d
  specs:
    couchrest (1.1.0.pre3)
      mime-types (~> 1.15)
      multi_json (~> 1.0.0)
      rest-client (~> 1.6.1)

GIT
  remote: git://github.com/plataformatec/devise.git
  revision: 4bcd1c6fcde757507a8287e391c53790ab287200
  specs:
    devise (1.4.0.dev)
      bcrypt-ruby (~> 2.1.2)
      orm_adapter (~> 0.0.3)
      warden (~> 1.0.3)

GIT
  remote: git://github.com/shenoudab/devise_couch.git
  revision: 4fc35f731fbfa870751982e742d6011fd8ba1a98
  specs:
    devise_couch (1.0.0.beta2)

GIT
  remote: git://github.com/shenoudab/orm_adapter.git
  revision: dcf9cd38b4fcd098b38eeb6096ac0c7002fd9a88
  specs:
    orm_adapter (0.0.3)

GIT
  remote: git://github.com/shenoudab/rails3-generators.git
  revision: e8c8f70af1590af6380efadefcfe3de28614e658
  specs:
    rails3-generators (0.12.1)

GIT
  remote: git://github.com/winfield/couchrest_model.git
  revision: 99c0bef4f1c9e67a789618692c6e006b8c901a4e
  specs:
    couchrest_model (1.1.0.rc1)
      activemodel (>= 3.0.5)
      couchrest (= 1.1.0.pre3)
      mime-types (~> 1.15)
      tzinfo (~> 0.3.22)

GEM
  remote: http://rubygems.org/
  specs:
    actionmailer (3.1.0.rc4)
      actionpack (= 3.1.0.rc4)
      mail (~> 2.3.0)
    actionpack (3.1.0.rc4)
      activemodel (= 3.1.0.rc4)
      activesupport (= 3.1.0.rc4)
      builder (~> 3.0.0)
      erubis (~> 2.7.0)
      i18n (~> 0.6)
      rack (~> 1.3.0)
      rack-cache (~> 1.0.1)
      rack-mount (~> 0.8.1)
      rack-test (~> 0.6.0)
      sprockets (~> 2.0.0.beta.10)
      tzinfo (~> 0.3.27)
    activemodel (3.1.0.rc4)
      activesupport (= 3.1.0.rc4)
      bcrypt-ruby (~> 2.1.4)
      builder (~> 3.0.0)
      i18n (~> 0.6)
    activerecord (3.1.0.rc4)
      activemodel (= 3.1.0.rc4)
      activesupport (= 3.1.0.rc4)
      arel (~> 2.1.1)
      tzinfo (~> 0.3.27)
    activeresource (3.1.0.rc4)
      activemodel (= 3.1.0.rc4)
      activesupport (= 3.1.0.rc4)
    activesupport (3.1.0.rc4)
      multi_json (~> 1.0)
    ansi (1.2.5)
    arel (2.1.1)
    bcrypt-ruby (2.1.4)
    builder (3.0.0)
    coffee-script (2.2.0)
      coffee-script-source
      execjs
    coffee-script-source (1.1.1)
    dynamic_form (1.1.4)
    ejs (1.0.0)
    erubis (2.7.0)
    execjs (1.1.3)
      multi_json (~> 1.0)
    factory_girl (1.3.3)
    factory_girl_rails (1.0.1)
      factory_girl (~> 1.3)
      railties (>= 3.0.0)
    hike (1.1.0)
    i18n (0.6.0)
    jquery-rails (1.0.11)
      railties (~> 3.0)
      thor (~> 0.14)
    kramdown (0.13.3)
    mail (2.3.0)
      i18n (>= 0.4.0)
      mime-types (~> 1.16)
      treetop (~> 1.4.8)
    mime-types (1.16)
    multi_json (1.0.3)
    polyglot (0.3.1)
    rack (1.3.0)
    rack-cache (1.0.2)
      rack (>= 0.4)
    rack-mount (0.8.1)
      rack (>= 1.0.0)
    rack-ssl (1.3.2)
      rack
    rack-test (0.6.0)
      rack (>= 1.0)
    rails (3.1.0.rc4)
      actionmailer (= 3.1.0.rc4)
      actionpack (= 3.1.0.rc4)
      activerecord (= 3.1.0.rc4)
      activeresource (= 3.1.0.rc4)
      activesupport (= 3.1.0.rc4)
      bundler (~> 1.0)
      railties (= 3.1.0.rc4)
    railties (3.1.0.rc4)
      actionpack (= 3.1.0.rc4)
      activesupport (= 3.1.0.rc4)
      rack-ssl (~> 1.3.2)
      rake (>= 0.8.7)
      rdoc (~> 3.4)
      thor (~> 0.14.6)
    rake (0.9.2)
    rdoc (3.6.1)
    rest-client (1.6.3)
      mime-types (>= 1.16)
    sass (3.1.2)
    sprockets (2.0.0.beta.10)
      hike (~> 1.0)
      rack (~> 1.0)
      tilt (!= 1.3.0, ~> 1.1)
    therubyracer-heroku (0.8.1.pre3)
    thor (0.14.6)
    tilt (1.3.2)
    treetop (1.4.9)
      polyglot (>= 0.3.1)
    turn (0.8.2)
      ansi (>= 1.2.2)
    tzinfo (0.3.28)
    uglifier (0.5.4)
      execjs (>= 0.3.0)
      multi_json (>= 1.0.2)
    warden (1.0.4)
      rack (>= 1.0)

PLATFORMS
  ruby

DEPENDENCIES
  coffee-script
  couchrest!
  couchrest_model!
  devise!
  devise_couch!
  dynamic_form
  ejs
  factory_girl_rails
  jquery-rails
  kramdown
  orm_adapter!
  rails (= 3.1.0.rc4)
  rails3-generators!
  sass
  therubyracer-heroku
  turn
  uglifier
